GIT
  remote: git://github.com/chriseppstein/compass.git
  revision: 5e5b3dd4e99e66882be9506360a5e13b5967635e
  specs:
    compass (1.0.0.alpha.19)
      chunky_png (~> 1.2)
      compass-core (~> 1.0.0.alpha.19)
      compass-import-once (~> 1.0.4)
      json
      listen (~> 1.1.0)
      sass (>= 3.3.0, < 3.5)
    compass-core (1.0.0.alpha.19)
      multi_json (~> 1.0)
      sass (>= 3.3.0, < 3.5)
    compass-import-once (1.0.4)
      sass (>= 3.2, < 3.5)

GEM
  remote: https://rubygems.org/
  specs:
    addressable (2.3.5)
    chunky_png (1.3.1)
    daemons (1.1.9)
    eventmachine (1.0.3)
    execjs (2.0.2)
    fastimage (1.6.1)
      addressable (~> 2.3, >= 2.3.5)
    ffi (1.9.3)
    hike (1.2.3)
    json (1.8.1)
    listen (1.1.6)
      rb-fsevent (>= 0.9.3)
      rb-inotify (>= 0.9)
      rb-kqueue (>= 0.2)
    multi_json (1.9.2)
    rack (1.5.2)
    rack-protection (1.5.1)
      rack
    rake (10.1.1)
    rakeup (1.1.0)
      rack (~> 1.5.0)
      rake (~> 10.1.0)
    rb-fsevent (0.9.4)
    rb-inotify (0.9.4)
      ffi (>= 0.5.0)
    rb-kqueue (0.2.2)
      ffi (>= 0.5.0)
    sass (3.3.7)
    sinatra (1.4.4)
      rack (~> 1.4)
      rack-protection (~> 1.4)
      tilt (~> 1.3, >= 1.3.4)
    sprockets (2.11.0)
      hike (~> 1.2)
      multi_json (~> 1.0)
      rack (~> 1.0)
      tilt (~> 1.1, != 1.3.0)
    sprockets-sass (1.1.0)
      sprockets (~> 2.0)
      tilt (~> 1.1)
    thin (1.6.2)
      daemons (>= 1.0.9)
      eventmachine (>= 1.0.0)
      rack (>= 1.0.0)
    tilt (1.4.1)
    uglifier (2.5.0)
      execjs (>= 0.3.0)
      json (>= 1.8.0)
    yui-compressor (0.12.0)

PLATFORMS
  ruby

DEPENDENCIES
  compass!
  fastimage (= 1.6.1)
  rakeup
  sass (>= 3.3)
  sinatra
  sprockets
  sprockets-sass
  thin
  uglifier
  yui-compressor
