GEM
  remote: https://rubygems.org/
  specs:
    addressable (2.3.5)
    chunky_png (1.3.0)
    compass (0.12.6)
      chunky_png (~> 1.2)
      fssm (>= 0.2.7)
      sass (~> 3.2.19)
    daemons (1.1.9)
    eventmachine (1.0.3)
    execjs (2.0.2)
    fastimage (1.6.1)
      addressable (~> 2.3, >= 2.3.5)
    fssm (0.2.10)
    hike (1.2.3)
    json (1.8.1)
    multi_json (1.9.2)
    rack (1.5.2)
    rack-protection (1.5.1)
      rack
    rake (10.1.1)
    rakeup (1.1.0)
      rack (~> 1.5.0)
      rake (~> 10.1.0)
    sass (3.2.19)
    sinatra (1.4.4)
      rack (~> 1.4)
      rack-protection (~> 1.4)
      tilt (~> 1.3, >= 1.3.4)
    sprockets (2.11.0)
      hike (~> 1.2)
      multi_json (~> 1.0)
      rack (~> 1.0)
      tilt (~> 1.1, != 1.3.0)
    sprockets-sass (1.1.0)
      sprockets (~> 2.0)
      tilt (~> 1.1)
    thin (1.6.2)
      daemons (>= 1.0.9)
      eventmachine (>= 1.0.0)
      rack (>= 1.0.0)
    tilt (1.4.1)
    uglifier (2.5.0)
      execjs (>= 0.3.0)
      json (>= 1.8.0)
    yui-compressor (0.12.0)

PLATFORMS
  ruby

DEPENDENCIES
  compass (= 0.12.6)
  fastimage (= 1.6.1)
  rakeup
  sass (= 3.2.19)
  sinatra
  sprockets
  sprockets-sass
  thin
  uglifier
  yui-compressor
